GEM
  remote: https://rubygems.org/
  specs:
    concurrent-ruby (1.3.4)

PLATFORMS
  arm64-darwin-22
  ruby

DEPENDENCIES
  concurrent-ruby (= 1.3.4)

BUNDLED WITH
   2.6.3
